GIT
  remote: https://github.com/dadooda/attr_magic
  revision: 8b790e72f40cdda618f782cfecf2416618ba85d5
  branch: 202310.moving
  specs:
    attr_magic (0.1.0)

GIT
  remote: https://github.com/dadooda/rspec_magic
  revision: 842648ffef621540742149d39fe55b3f4d7221ec
  branch: 202310.moving
  specs:
    rspec_magic (0.1.0)

GEM
  remote: https://rubygems.org/
  specs:
    diff-lcs (1.5.0)
    docile (1.3.5)
    its (0.2.0)
      rspec-core
    json (2.6.3)
    rspec (3.12.0)
      rspec-core (~> 3.12.0)
      rspec-expectations (~> 3.12.0)
      rspec-mocks (~> 3.12.0)
    rspec-collection_matchers (1.2.1)
      rspec-expectations (>= 2.99.0.beta1)
    rspec-core (3.12.2)
      rspec-support (~> 3.12.0)
    rspec-expectations (3.12.3)
      diff-lcs (>= 1.2.0, < 2.0)
      rspec-support (~> 3.12.0)
    rspec-mocks (3.12.6)
      diff-lcs (>= 1.2.0, < 2.0)
      rspec-support (~> 3.12.0)
    rspec-support (3.12.1)
    simplecov (0.17.1)
      docile (~> 1.1)
      json (>= 1.8, < 3)
      simplecov-html (~> 0.10.0)
    simplecov-html (0.10.2)
    yard (0.9.34)

PLATFORMS
  ruby

DEPENDENCIES
  attr_magic!
  its
  rspec
  rspec-collection_matchers
  rspec_magic!
  simplecov
  yard

BUNDLED WITH
   1.17.3
